GEM
  remote: https://rubygems.org/
  specs:
    CFPropertyList (2.3.6)
    byebug (12.0.0)
    coderay (1.1.3)
    concurrent-ruby (1.3.5)
    deep_merge (1.2.2)
    diff-lcs (1.6.2)
    facter (4.10.0)
      hocon (~> 1.3)
      thor (>= 1.0.1, < 1.3)
    fast_gettext (2.4.0)
      prime
    forwardable (1.3.3)
    hiera (3.12.0)
    hocon (1.4.0)
    locale (2.1.4)
    method_source (1.1.0)
    mocha (1.16.1)
    multi_json (1.17.0)
    pathspec (1.1.3)
    prime (0.1.4)
      forwardable
      singleton
    pry (0.15.2)
      coderay (~> 1.1)
      method_source (~> 1.0)
    pry-byebug (3.11.0)
      byebug (~> 12.0)
      pry (>= 0.13, < 0.16)
    puppet (7.34.0)
      concurrent-ruby (~> 1.0)
      deep_merge (~> 1.0)
      facter (> 2.0.1, < 5)
      fast_gettext (>= 1.1, < 3)
      hiera (>= 3.2.1, < 4)
      locale (~> 2.1)
      multi_json (~> 1.10)
      puppet-resource_api (~> 1.5)
      scanf (~> 1.0)
      semantic_puppet (~> 1.0)
    puppet (7.34.0-universal-darwin)
      CFPropertyList (~> 2.2)
      concurrent-ruby (~> 1.0)
      deep_merge (~> 1.0)
      facter (> 2.0.1, < 5)
      fast_gettext (>= 1.1, < 3)
      hiera (>= 3.2.1, < 4)
      locale (~> 2.1)
      multi_json (~> 1.10)
      puppet-resource_api (~> 1.5)
      scanf (~> 1.0)
      semantic_puppet (~> 1.0)
    puppet-lint (4.3.0)
    puppet-resource_api (1.9.0)
      hocon (>= 1.0)
    puppet-syntax (3.3.0)
      puppet (>= 5)
      rake
    puppetlabs_spec_helper (6.0.2)
      mocha (~> 1.0)
      pathspec (>= 0.2, < 2.0.0)
      puppet-lint (~> 4.0)
      puppet-syntax (~> 3.0)
      rspec-github (~> 2.0)
      rspec-puppet (>= 2.0)
    rake (13.3.0)
    rspec (3.13.2)
      rspec-core (~> 3.13.0)
      rspec-expectations (~> 3.13.0)
      rspec-mocks (~> 3.13.0)
    rspec-core (3.13.6)
      rspec-support (~> 3.13.0)
    rspec-expectations (3.13.5)
      diff-lcs (>= 1.2.0, < 2.0)
      rspec-support (~> 3.13.0)
    rspec-github (2.4.0)
      rspec-core (~> 3.0)
    rspec-mocks (3.13.6)
      diff-lcs (>= 1.2.0, < 2.0)
      rspec-support (~> 3.13.0)
    rspec-puppet (3.0.0)
      rspec
    rspec-support (3.13.6)
    scanf (1.0.0)
    semantic_puppet (1.1.1)
    singleton (0.3.0)
    thor (1.2.2)

PLATFORMS
  ruby
  universal-darwin

DEPENDENCIES
  pry
  pry-byebug
  puppet (~> 7.0)
  puppetlabs_spec_helper (~> 6.0)
  rspec-puppet (~> 3.0)

BUNDLED WITH
   2.7.2
